GEM
  remote: http://rubygems.org/
  specs:
    win32-api (1.6.1.2-universal-mingw32)

PLATFORMS
  x86-mingw32

DEPENDENCIES
  win32-api (= 1.6.1.2)

BUNDLED WITH
   1.13.6
